GEM
  remote: https://rubygems.org/
  specs:
    rack (1.6.4)
    rack-protection (1.5.3)
      rack
    shotgun (0.9.1)
      rack (>= 1.0)
    sinatra (1.4.6)
      rack (~> 1.4)
      rack-protection (~> 1.4)
      tilt (>= 1.3, < 3)
    sinatra-flash (0.3.0)
      sinatra (>= 1.0.0)
    sinatra-redirect-with-flash (0.2.1)
      sinatra (>= 1.0.0)
    slim (3.0.6)
      temple (~> 0.7.3)
      tilt (>= 1.3.3, < 2.1)
    temple (0.7.6)
    tilt (2.0.1)

PLATFORMS
  ruby

DEPENDENCIES
  shotgun
  sinatra
  sinatra-flash
  sinatra-redirect-with-flash
  slim

BUNDLED WITH
   1.11.2
